PATH
  remote: .
  specs:
    realself-stream (3.3.10)
      bunny
      httparty
      json-schema
      multi_json
      rake (~> 10.0)
      rspec

GEM
  remote: https://rubygems.org/
  specs:
    addressable (2.3.8)
    amq-protocol (2.0.1)
    bson (4.0.0)
    bunny (2.2.2)
      amq-protocol (>= 2.0.1)
    byebug (4.0.5)
      columnize (= 0.9.0)
    coderay (1.1.0)
    columnize (0.9.0)
    coveralls (0.7.1)
      multi_json (~> 1.3)
      rest-client
      simplecov (>= 0.7)
      term-ansicolor
      thor
    diff-lcs (1.2.5)
    docile (1.1.5)
    domain_name (0.5.20160310)
      unf (>= 0.0.5, < 1.0.0)
    http-cookie (1.0.2)
      domain_name (~> 0.5)
    httparty (0.13.7)
      json (~> 1.8)
      multi_xml (>= 0.5.2)
    json (1.8.3)
    json-schema (2.6.2)
      addressable (~> 2.3.8)
    method_source (0.8.2)
    mime-types (2.99.1)
    mongo (2.2.0)
      bson (~> 4.0)
    multi_json (1.11.3)
    multi_xml (0.5.5)
    netrc (0.11.0)
    pry (0.10.1)
      coderay (~> 1.1.0)
      method_source (~> 0.8.1)
      slop (~> 3.4)
    pry-byebug (3.1.0)
      byebug (~> 4.0)
      pry (~> 0.10)
    rake (10.5.0)
    rest-client (1.8.0)
      http-cookie (>= 1.0.2, < 2.0)
      mime-types (>= 1.16, < 3.0)
      netrc (~> 0.7)
    rspec (3.4.0)
      rspec-core (~> 3.4.0)
      rspec-expectations (~> 3.4.0)
      rspec-mocks (~> 3.4.0)
    rspec-core (3.4.4)
      rspec-support (~> 3.4.0)
    rspec-expectations (3.4.0)
      diff-lcs (>= 1.2.0, < 2.0)
      rspec-support (~> 3.4.0)
    rspec-mocks (3.4.1)
      diff-lcs (>= 1.2.0, < 2.0)
      rspec-support (~> 3.4.0)
    rspec-support (3.4.1)
    serverengine (1.5.11)
      sigdump (~> 0.2.2)
    sigdump (0.2.4)
    simplecov (0.11.2)
      docile (~> 1.1.0)
      json (~> 1.8)
      simplecov-html (~> 0.10.0)
    simplecov-html (0.10.0)
    slop (3.6.0)
    sneakers (2.2.1)
      bunny (~> 2.2.0)
      serverengine (~> 1.5.5)
      thor
      thread (~> 0.1.7)
    term-ansicolor (1.3.2)
      tins (~> 1.0)
    thor (0.19.1)
    thread (0.1.7)
    tins (1.10.1)
    unf (0.1.4)
      unf_ext
    unf_ext (0.0.7.2)

PLATFORMS
  ruby

DEPENDENCIES
  coveralls
  mongo (= 2.2.0)
  pry-byebug
  realself-stream!
  simplecov (~> 0.11.2)
  sneakers (= 2.2.1)

BUNDLED WITH
   1.11.2
